GIT
  remote: git://github.com/dryade/activerecord-jdbc-adapter.git
  revision: 0bf424bc3bcaf9f44646976cc4c1a8e9e57f11b4
  specs:
    activerecord-jdbc-adapter (1.2.2)
    activerecord-jdbcpostgresql-adapter (1.2.2)
      activerecord-jdbc-adapter (~> 1.2.2)
      jdbc-postgres (>= 9.0, < 9.2)

PATH
  remote: .
  specs:
    dr-postgis_adapter (0.8.3)
      nofxx-georuby
      rake

GEM
  remote: http://rubygems.org/
  specs:
    ZenTest (4.5.0)
    autotest (4.4.6)
      ZenTest (>= 4.4.1)
    bouncy-castle-java (1.5.0146.1)
    diff-lcs (1.1.2)
    jdbc-postgres (9.0.801)
    jruby-openssl (0.7.7)
      bouncy-castle-java (>= 1.5.0146.1)
    nofxx-georuby (1.9.2)
    pg (0.11.0)
    rake (10.1.1)
    rcov (0.9.9)
    rcov (0.9.9-java)
    rspec (2.3.0)
      rspec-core (~> 2.3.0)
      rspec-expectations (~> 2.3.0)
      rspec-mocks (~> 2.3.0)
    rspec-core (2.3.1)
    rspec-expectations (2.3.0)
      diff-lcs (~> 1.1.2)
    rspec-mocks (2.3.0)

PLATFORMS
  java
  ruby

DEPENDENCIES
  activerecord-jdbcpostgresql-adapter!
  autotest
  dr-postgis_adapter!
  jruby-openssl
  pg (~> 0.11.0)
  rcov
  rspec (~> 2.3.0)
